GEM
  remote: https://rubygems.org/
  specs:
    aws-eventstream (1.0.3)
    aws-partitions (1.266.0)
    aws-sdk-core (3.89.1)
      aws-eventstream (~> 1.0, >= 1.0.2)
      aws-partitions (~> 1, >= 1.239.0)
      aws-sigv4 (~> 1.1)
      jmespath (~> 1.0)
    aws-sdk-kms (1.28.0)
      aws-sdk-core (~> 3, >= 3.71.0)
      aws-sigv4 (~> 1.1)
    aws-sdk-rekognition (1.33.0)
      aws-sdk-core (~> 3, >= 3.71.0)
      aws-sigv4 (~> 1.1)
    aws-sdk-s3 (1.60.1)
      aws-sdk-core (~> 3, >= 3.83.0)
      aws-sdk-kms (~> 1)
      aws-sigv4 (~> 1.1)
    aws-sigv4 (1.1.0)
      aws-eventstream (~> 1.0, >= 1.0.2)
    backports (3.15.0)
    chunky_png (1.3.11)
    ffi (1.12.1)
    jmespath (1.4.0)
    mini_magick (4.10.1)
    nmatrix (0.2.4)
      packable (~> 1.3, >= 1.3.5)
    npy (0.2.0)
      numo-narray
      rubyzip
    numo-narray (0.9.1.6)
    packable (1.3.10)
      backports
    rubyzip (2.0.0)
    tensorflow (0.1.2)
      ffi
      npy
      numo-narray

PLATFORMS
  ruby

DEPENDENCIES
  aws-sdk-rekognition
  aws-sdk-s3
  chunky_png
  mini_magick
  nmatrix
  tensorflow

BUNDLED WITH
   2.1.4
