GEM
  remote: https://rubygems.org/
  specs:
    backports (3.15.0)
    ffi (1.12.1)
    nmatrix (0.2.4)
      packable (~> 1.3, >= 1.3.5)
    npy (0.2.0)
      numo-narray
      rubyzip
    numo-narray (0.9.1.6)
    packable (1.3.10)
      backports
    rubyzip (2.0.0)
    tensorflow (0.1.2)
      ffi
      npy
      numo-narray

PLATFORMS
  ruby

DEPENDENCIES
  nmatrix
  numo-narray
  tensorflow

BUNDLED WITH
   2.1.4
